PATH
  remote: .
  specs:
    stripe (1.7.1)
      multi_json (~> 1.1)
      rest-client (~> 1.4)

GEM
  remote: https://rubygems.org/
  specs:
    metaclass (0.0.1)
    mime-types (1.19)
    mocha (0.11.3)
      metaclass (~> 0.0.1)
    multi_json (1.3.6)
    rake (0.9.2.2)
    rest-client (1.6.7)
      mime-types (>= 1.16)
    shoulda (3.0.1)
      shoulda-context (~> 1.0.0)
      shoulda-matchers (~> 1.0.0)
    shoulda-context (1.0.0)
    shoulda-matchers (1.0.0)
    test-unit (2.4.8)

PLATFORMS
  ruby

DEPENDENCIES
  mocha
  rake
  shoulda
  stripe!
  test-unit
